PATH
  remote: .
  specs:
    s3cp (0.1.0)
      highline (>= 1.5.1)
      right_aws (= 2.1.0)
      right_http_connection (= 1.3.0)

GEM
  remote: http://rubygems.org/
  specs:
    diff-lcs (1.1.2)
    highline (1.6.1)
    rake (0.8.7)
    right_aws (2.1.0)
      right_http_connection (>= 1.2.5)
    right_http_connection (1.3.0)
    rspec (2.5.0)
      rspec-core (~> 2.5.0)
      rspec-expectations (~> 2.5.0)
      rspec-mocks (~> 2.5.0)
    rspec-core (2.5.1)
    rspec-expectations (2.5.0)
      diff-lcs (~> 1.1.2)
    rspec-mocks (2.5.0)
    s3sync (1.2.5)

PLATFORMS
  ruby

DEPENDENCIES
  rake (= 0.8.7)
  rspec (= 2.5.0)
  s3cp!
  s3sync (= 1.2.5)
